GEM
  remote: https://rubygems.org/
  specs:
    yard (0.9.34)

PLATFORMS
  arm64-darwin-22

DEPENDENCIES
  yard

BUNDLED WITH
   2.4.1
